PATH
  remote: .
  specs:
    mongo-locking (0.0.3git)
      activesupport (~> 3.2.13)
      mongo (~> 1.8.2)

GEM
  remote: http://rubygems.org/
  specs:
    activesupport (3.2.13)
      i18n (= 0.6.1)
      multi_json (~> 1.0)
    bson (1.8.3)
    i18n (0.6.1)
    mongo (1.8.3)
      bson (~> 1.8.3)
    multi_json (1.7.1)

PLATFORMS
  ruby

DEPENDENCIES
  mongo-locking!
